GIT
  remote: git://github.com/rchampourlier/guard-shotgun.git
  revision: 99da0f11d5901cfa8844e6bd8b77bcd6dc9b3ea6
  specs:
    guard-shotgun (0.0.5)
      ffi
      guard
      spoon

GEM
  remote: http://rubygems.org/
  specs:
    activemodel (3.2.8)
      activesupport (= 3.2.8)
      builder (~> 3.0.0)
    activeresource (3.2.8)
      activemodel (= 3.2.8)
      activesupport (= 3.2.8)
    activesupport (3.2.8)
      i18n (~> 0.6)
      multi_json (~> 1.0)
    addressable (2.3.2)
    akami (1.2.0)
      gyoku (>= 0.4.0)
      nokogiri (>= 1.4.0)
    bigcommerce (0.8.2)
      activesupport
      json
      rest-client
    builder (3.0.3)
    coderay (1.0.8)
    diff-lcs (1.1.3)
    eventmachine (1.0.0)
    evernote-thrift (1.22.2)
    execjs (1.4.0)
      multi_json (~> 1.0)
    faraday (0.8.4)
      multipart-post (~> 1.1)
    faraday_middleware (0.8.8)
      faraday (>= 0.7.4, < 0.9)
    ffi (1.1.5)
    flexmock (0.9.0)
    flowdock (0.3.0)
      httparty (~> 0.7)
      multi_json
    guard (1.5.0)
      listen (>= 0.4.2)
      lumberjack (>= 1.0.2)
      pry (>= 0.9.10)
      thor (>= 0.14.6)
    gyoku (1.0.0)
      builder (>= 2.1.2)
    haml (3.1.7)
    hashie (1.2.0)
    highrise (3.0.3)
      activeresource (~> 3.0)
    hipchat (0.7.0)
      httparty
      httparty
    htmlentities (4.3.1)
    httmultiparty (0.3.10)
      httparty (>= 0.7.3)
      multipart-post
    http_parser.rb (0.5.3)
    httparty (0.9.0)
      multi_json (~> 1.0)
      multi_xml
    httpi (2.0.2)
      rack
    i18n (0.6.1)
    jaconda (2.0.2)
      activeresource (>= 2.3.5)
    json (1.7.5)
    libv8 (3.16.14.3)
    listen (0.5.3)
    lumberjack (1.0.2)
    mail (2.4.4)
      i18n (>= 0.4.0)
      mime-types (~> 1.16)
      treetop (~> 1.4.8)
    method_source (0.8.1)
    mime-types (1.19)
    mock_redis (0.6.2)
    multi_json (1.3.6)
    multi_xml (0.5.1)
    multimap (1.1.2)
    multipart-post (1.1.5)
    nokogiri (1.5.5)
    nori (2.0.4)
    oauth (0.4.7)
    polyglot (0.3.3)
    pry (0.9.10)
      coderay (~> 1.0.5)
      method_source (~> 0.8)
      slop (~> 3.3.1)
    rack (1.4.1)
    rack-protection (1.2.0)
      rack
    rack-test (0.6.1)
      rack (>= 1.0)
    rake (0.9.2.2)
    redis (3.0.2)
    redis-namespace (1.2.1)
      redis (~> 3.0.0)
    ref (1.0.5)
    rest-client (1.6.7)
      mime-types (>= 1.16)
    restforce (1.4.2)
      faraday (~> 0.8.4)
      faraday_middleware (>= 0.8.8)
      hashie (>= 1.2.0, < 2.1)
      json (>= 1.7.5, < 1.9.0)
    roxml (3.3.1)
      activesupport (>= 2.3.0)
      nokogiri (>= 1.3.3)
    rspec (2.5.0)
      rspec-core (~> 2.5.0)
      rspec-expectations (~> 2.5.0)
      rspec-mocks (~> 2.5.0)
    rspec-core (2.5.2)
    rspec-expectations (2.5.0)
      diff-lcs (~> 1.1.2)
    rspec-mocks (2.5.0)
    ruby-trello (0.5.1)
      activemodel
      addressable (~> 2.3)
      json
      oauth (~> 0.4.5)
      rest-client (~> 1.6.7)
    rubyzoho (0.1.7)
      httmultiparty (>= 0.3.8)
      multipart-post
      roxml (>= 3.3.1)
    savon (2.1.0)
      akami (~> 1.2.0)
      builder (>= 2.1.2)
      gyoku (~> 1.0.0)
      httpi (~> 2.0.2)
      nokogiri (>= 1.4.0)
      nori (~> 2.0.3)
      wasabi (~> 3.0.0)
    simple_oauth (0.1.9)
    sinatra (1.3.2)
      rack (~> 1.3, >= 1.3.6)
      rack-protection (~> 1.2)
      tilt (~> 1.3, >= 1.3.3)
    sinatra-initializers (0.1.4)
    slop (3.3.3)
    spoon (0.0.1)
    therubyracer (0.12.0)
      libv8 (~> 3.16.14.0)
      ref
    thor (0.16.0)
    tilt (1.3.3)
    tinder (1.9.1)
      eventmachine (>= 0.12.0, < 2)
      faraday (~> 0.8)
      faraday_middleware (~> 0.8)
      hashie (~> 1.0)
      json (~> 1.6)
      mime-types (~> 1.16)
      multi_json (~> 1.0)
      multipart-post (~> 1.1)
      twitter-stream (~> 0.1)
    treetop (1.4.10)
      polyglot
      polyglot (>= 0.3.1)
    twitter-stream (0.1.16)
      eventmachine (>= 0.12.8)
      http_parser.rb (~> 0.5.1)
      simple_oauth (~> 0.1.4)
    wasabi (3.0.0)
      httpi (~> 2.0)
      nokogiri (>= 1.4.0)

PLATFORMS
  ruby

DEPENDENCIES
  activesupport
  addressable
  bigcommerce (~> 0.8.2)
  evernote-thrift
  execjs
  faraday
  faraday_middleware
  flexmock
  flowdock
  guard-shotgun!
  haml
  hashie
  highrise
  hipchat
  htmlentities
  jaconda
  mail
  mock_redis
  multimap
  nokogiri
  pry
  rack-test
  rake
  redis
  redis-namespace
  rest-client
  restforce
  rspec
  ruby-trello
  rubyzoho
  savon (~> 2.1.0)
  sinatra
  sinatra-initializers
  therubyracer
  thor
  tinder
