GIT
  remote: https://github.com/SupportBee/multimap.git
  revision: 74bad36739a76406272203a9de361c02e9357e69
  tag: v1.1.2
  specs:
    multimap (1.1.2)

GEM
  remote: https://rubygems.org/
  specs:
    activemodel (4.1.8)
      activesupport (= 4.1.8)
      builder (~> 3.1)
    activeresource (4.0.0)
      activemodel (~> 4.0)
      activesupport (~> 4.0)
      rails-observers (~> 0.1.1)
    activesupport (4.1.8)
      i18n (~> 0.6, >= 0.6.9)
      json (~> 1.7, >= 1.7.7)
      minitest (~> 5.1)
      thread_safe (~> 0.1)
      tzinfo (~> 1.1)
    addressable (2.3.6)
    akami (1.2.2)
      gyoku (>= 0.4.0)
      nokogiri
    awesome_print (1.2.0)
    bigcommerce (0.8.4)
      activesupport
      json
      rest-client
    builder (3.2.2)
    coderay (1.1.0)
    coffee-script (2.3.0)
      coffee-script-source
      execjs
    coffee-script-source (1.8.0)
    diff-lcs (1.2.5)
    eventmachine (1.0.3)
    evernote-thrift (1.25.1)
    execjs (2.2.2)
    faraday (0.9.0)
      multipart-post (>= 1.2, < 3)
    faraday_middleware (0.9.1)
      faraday (>= 0.7.4, < 0.10)
    flexmock (1.3.3)
    flowdock (0.5.0)
      httparty (~> 0.7)
      multi_json
    gyoku (1.0.0)
      builder (>= 2.1.2)
    haml (4.0.6)
      tilt
    hashie (3.3.2)
    highrise (3.2.1)
      activeresource (>= 3.2.13)
    hipchat (1.4.0)
      httparty
    htmlentities (4.3.2)
    httmultiparty (0.3.16)
      httparty (>= 0.7.3)
      mimemagic
      multipart-post
    http_parser.rb (0.5.3)
    httparty (0.13.3)
      json (~> 1.8)
      multi_xml (>= 0.5.2)
    httpi (2.0.2)
      rack
    i18n (0.6.11)
    jaconda (2.0.3)
      activeresource (>= 2.3.5)
    json (1.8.1)
    kgio (2.9.2)
    libv8 (3.16.14.7)
    mab (0.0.3)
    mail (2.6.3)
      mime-types (>= 1.16, < 3)
    mailchimp (0.0.9)
      httparty
    method_source (0.8.2)
    mime-types (2.4.3)
    mimemagic (0.2.1)
    mini_portile (0.6.1)
    minitest (5.4.3)
    mock_redis (0.13.2)
    multi_json (1.10.1)
    multi_xml (0.5.5)
    multipart-post (2.0.0)
    netrc (0.9.0)
    nokogiri (1.6.5)
      mini_portile (~> 0.6.0)
    nori (2.0.4)
    oauth (0.4.7)
    pry (0.10.1)
      coderay (~> 1.1.0)
      method_source (~> 0.8.1)
      slop (~> 3.4)
    rack (1.5.2)
    rack-protection (1.5.3)
      rack
    rack-test (0.6.2)
      rack (>= 1.0)
    rails-observers (0.1.2)
      activemodel (~> 4.0)
    rake (10.4.2)
    redis (3.1.0)
    redis-namespace (1.5.1)
      redis (~> 3.0, >= 3.0.4)
    ref (1.0.5)
    rest-client (1.7.2)
      mime-types (>= 1.16, < 3.0)
      netrc (~> 0.7)
    restforce (1.5.1)
      faraday (~> 0.9.0)
      faraday_middleware (>= 0.8.8)
      hashie (>= 1.2.0, < 4.0)
      json (>= 1.7.5, < 1.9.0)
    roxml (3.3.1)
      activesupport (>= 2.3.0)
      nokogiri (>= 1.3.3)
    rspec (3.1.0)
      rspec-core (~> 3.1.0)
      rspec-expectations (~> 3.1.0)
      rspec-mocks (~> 3.1.0)
    rspec-core (3.1.7)
      rspec-support (~> 3.1.0)
    rspec-expectations (3.1.2)
      diff-lcs (>= 1.2.0, < 2.0)
      rspec-support (~> 3.1.0)
    rspec-mocks (3.1.3)
      rspec-support (~> 3.1.0)
    rspec-support (3.1.2)
    ruby-trello (1.1.2)
      activemodel (>= 3.2.0)
      addressable (~> 2.3)
      json
      oauth (~> 0.4.5)
      rest-client (~> 1.7.2)
    rubyzoho (0.2.0)
      activemodel
      httmultiparty
      multipart-post
      roxml
    savon (2.1.0)
      akami (~> 1.2.0)
      builder (>= 2.1.2)
      gyoku (~> 1.0.0)
      httpi (~> 2.0.2)
      nokogiri (>= 1.4.0)
      nori (~> 2.0.3)
      wasabi (~> 3.0.0)
    simple_oauth (0.1.9)
    sinatra (1.4.5)
      rack (~> 1.4)
      rack-protection (~> 1.4)
      tilt (~> 1.3, >= 1.3.4)
    sinatra-initializers (0.1.4)
    slop (3.6.0)
    therubyracer (0.12.1)
      libv8 (~> 3.16.14.0)
      ref
    thor (0.19.1)
    thread_safe (0.3.4)
    tilt (1.4.1)
    tinder (1.10.1)
      eventmachine (~> 1.0)
      faraday (~> 0.9.0)
      faraday_middleware (~> 0.9)
      hashie (>= 1.0)
      json (~> 1.8.0)
      mime-types
      multi_json (~> 1.7)
      twitter-stream (~> 0.1)
    twitter-stream (0.1.16)
      eventmachine (>= 0.12.8)
      http_parser.rb (~> 0.5.1)
      simple_oauth (~> 0.1.4)
    tzinfo (1.2.2)
      thread_safe (~> 0.1)
    unicorn (3.7.0)
      kgio (~> 2.3)
      rack
    wasabi (3.0.0)
      httpi (~> 2.0)
      nokogiri (>= 1.4.0)

PLATFORMS
  ruby

DEPENDENCIES
  activesupport
  addressable
  awesome_print
  bigcommerce (~> 0.8.2)
  coffee-script
  evernote-thrift
  execjs
  faraday
  faraday_middleware
  flexmock
  flowdock
  haml
  hashie
  highrise
  hipchat
  htmlentities
  jaconda
  mab
  mail
  mailchimp
  mock_redis
  multimap!
  nokogiri
  pry
  rack-test
  rake
  redis
  redis-namespace
  rest-client
  restforce
  rspec
  ruby-trello
  rubyzoho
  savon (~> 2.1.0)
  sinatra
  sinatra-initializers
  therubyracer
  thor
  tinder
  unicorn (= 3.7.0)
